GEM
  remote: https://rubygems.org/
  specs:
    awesome_print (1.2.0)
    crack (0.4.1)
      safe_yaml (~> 0.9.0)
    diff-lcs (1.2.5)
    httparty (0.12.0)
      json (~> 1.8)
      multi_xml (>= 0.5.2)
    json (1.8.1)
    multi_xml (0.5.5)
    rake (10.1.0)
    rspec (2.14.1)
      rspec-core (~> 2.14.0)
      rspec-expectations (~> 2.14.0)
      rspec-mocks (~> 2.14.0)
    rspec-core (2.14.7)
    rspec-expectations (2.14.4)
      diff-lcs (>= 1.1.3, < 2.0)
    rspec-mocks (2.14.4)
    safe_yaml (0.9.7)

PLATFORMS
  ruby

DEPENDENCIES
  awesome_print (~> 1.2.0)
  crack (~> 0.4.1)
  httparty (~> 0.12.0)
  rake (= 10.1.0)
  rspec (= 2.14.1)
